GEM
  remote: https://rubygems.org/
  specs:
    bcrypt (3.1.16)
    ffi (1.15.5-x64-mingw32)
    multi_json (1.15.0)
    mustermann (1.1.1)
      ruby2_keywords (~> 0.0.1)
    nio4r (2.5.8)
    puma (5.6.2)
      nio4r (~> 2.0)
    rack (2.2.3)
    rack-protection (2.2.0)
      rack
    ruby2_keywords (0.0.5)
    sassc (2.4.0-x64-mingw32)
      ffi (~> 1.9)
    sinatra (2.2.0)
      mustermann (~> 1.0)
      rack (~> 2.2)
      rack-protection (= 2.2.0)
      tilt (~> 2.0)
    sinatra-contrib (2.2.0)
      multi_json
      mustermann (~> 1.0)
      rack-protection (= 2.2.0)
      sinatra (= 2.2.0)
      tilt (~> 2.0)
    slim (4.1.0)
      temple (>= 0.7.6, < 0.9)
      tilt (>= 2.0.6, < 2.1)
    sqlite3 (1.4.2)
    temple (0.8.2)
    tilt (2.0.10)

PLATFORMS
  x64-mingw32

DEPENDENCIES
  bcrypt (~> 3.1)
  puma (~> 5.6)
  sassc (~> 2.4)
  sinatra (~> 2.2)
  sinatra-contrib (~> 2.2)
  slim (~> 4.1)
  sqlite3 (~> 1.4)

BUNDLED WITH
   2.2.29
