GIT
  remote: https://github.com/chrisb/yard-sinatra
  revision: 226e048f615bdf068e65010d47f8cb143fd08865
  specs:
    yard-sinatra (2.0.0.beta)
      activesupport
      yard (~> 0.7)

GEM
  remote: https://rubygems.org/
  specs:
    activesupport (7.0.3)
      concurrent-ruby (~> 1.0, >= 1.0.2)
      i18n (>= 1.6, < 2)
      minitest (>= 5.1)
      tzinfo (~> 2.0)
    bcrypt (3.1.18)
    concurrent-ruby (1.1.10)
    ffi (1.15.5-x64-mingw32)
    i18n (1.10.0)
      concurrent-ruby (~> 1.0)
    minitest (5.15.0)
    mustermann (1.1.1)
      ruby2_keywords (~> 0.0.1)
    nio4r (2.5.8)
    puma (5.6.4)
      nio4r (~> 2.0)
    rack (2.2.3)
    rack-protection (2.2.0)
      rack
    ruby2_keywords (0.0.5)
    sassc (2.4.0-x64-mingw32)
      ffi (~> 1.9)
    sinatra (2.2.0)
      mustermann (~> 1.0)
      rack (~> 2.2)
      rack-protection (= 2.2.0)
      tilt (~> 2.0)
    slim (4.1.0)
      temple (>= 0.7.6, < 0.9)
      tilt (>= 2.0.6, < 2.1)
    sqlite3 (1.4.2)
    temple (0.8.2)
    tilt (2.0.10)
    tzinfo (2.0.4)
      concurrent-ruby (~> 1.0)
    webrick (1.7.0)
    yard (0.9.27)
      webrick (~> 1.7.0)

PLATFORMS
  x64-mingw32

DEPENDENCIES
  bcrypt (~> 3.1)
  puma (~> 5.6)
  sassc (~> 2.4)
  sinatra (~> 2.2)
  slim (~> 4.1)
  sqlite3 (~> 1.4)
  yard
  yard-sinatra!

BUNDLED WITH
   2.3.14
